GEM
  remote: https://rubygems.org/
  specs:
    awesome_print (1.7.0)
    sqlite3 (1.3.13-x86-mingw32)

PLATFORMS
  x86-mingw32

DEPENDENCIES
  awesome_print
  sqlite3

BUNDLED WITH
   1.13.7
